GEM
  remote: http://rubygems.org/
  specs:
    RedCloth (4.2.9)
    albino (1.3.3)
      posix-spawn (>= 0.3.6)
    chunky_png (1.3.4)
    classifier (1.3.4)
      fast-stemmer (>= 1.0.0)
    compass (0.12.7)
      chunky_png (~> 1.2)
      fssm (>= 0.2.7)
      sass (~> 3.2.19)
    directory_watcher (1.5.1)
    fast-stemmer (1.0.2)
    ffi (1.9.10)
    fssm (0.2.10)
    haml (4.0.7)
      tilt
    iconv (1.0.4)
    jekyll (0.11.0)
      albino (>= 1.3.2)
      classifier (>= 1.3.1)
      directory_watcher (>= 1.1.1)
      kramdown (>= 0.13.2)
      liquid (>= 1.9.0)
      maruku (>= 0.5.9)
    kramdown (1.8.0)
    liquid (2.2.2)
    maruku (0.7.2)
    posix-spawn (0.3.11)
    pygments.rb (0.6.3)
      posix-spawn (~> 0.3.6)
      yajl-ruby (~> 1.2.0)
    rack (1.6.4)
    rake (10.4.2)
    rb-inotify (0.8.8)
      ffi (>= 0.5.0)
    rdiscount (2.1.8)
    rubypants (0.2.0)
    sass (3.2.19)
    sinatra (1.2.6)
      rack (~> 1.1)
      tilt (>= 1.2.2, < 2.0)
    stringex (2.5.2)
    tilt (1.4.1)
    yajl-ruby (1.2.1)

PLATFORMS
  ruby

DEPENDENCIES
  RedCloth
  compass (>= 0.11)
  haml (>= 3.1)
  iconv
  jekyll
  liquid (= 2.2.2)
  pygments.rb
  rack
  rake
  rb-inotify (~> 0.8.8)
  rdiscount
  rubypants
  sinatra (= 1.2.6)
  stringex

BUNDLED WITH
   1.10.6
